PATH
  remote: .
  specs:
    chained (0.1.0)

GEM
  remote: http://rubygems.org/
  specs:
    builder (3.1.3)
    cucumber (0.10.7)
      builder (>= 2.1.2)
      diff-lcs (>= 1.1.2)
      gherkin (~> 2.4.0)
      json (>= 1.4.6)
      term-ansicolor (>= 1.0.5)
    diff-lcs (1.1.3)
    gherkin (2.4.21)
      json (>= 1.4.6)
    json (1.7.5)
    rake (0.9.2.2)
    rcov (1.0.0)
    redcarpet (2.1.1)
    term-ansicolor (1.0.7)
    yard (0.8.2)

PLATFORMS
  ruby

DEPENDENCIES
  chained!
  cucumber (~> 0.10.2)
  rake (>= 0.8.7)
  rcov (>= 0.9.9)
  redcarpet
  yard
