PATH
  remote: .
  specs:
    chained (0.1.0)
      ruby-debug
      versionomy

GEM
  remote: http://rubygems.org/
  specs:
    blockenspiel (0.4.5)
    builder (3.1.3)
    columnize (0.3.6)
    cucumber (0.10.7)
      builder (>= 2.1.2)
      diff-lcs (>= 1.1.2)
      gherkin (~> 2.4.0)
      json (>= 1.4.6)
      term-ansicolor (>= 1.0.5)
    diff-lcs (1.1.3)
    gherkin (2.4.21)
      json (>= 1.4.6)
    json (1.7.5)
    linecache (0.46)
      rbx-require-relative (> 0.0.4)
    rake (0.9.2.2)
    rbx-require-relative (0.0.9)
    rcov (1.0.0)
    redcarpet (2.1.1)
    ruby-debug (0.10.4)
      columnize (>= 0.1)
      ruby-debug-base (~> 0.10.4.0)
    ruby-debug-base (0.10.4)
      linecache (>= 0.3)
    term-ansicolor (1.0.7)
    test-unit (2.5.2)
    versionomy (0.4.4)
      blockenspiel (>= 0.4.5)
    yard (0.8.2)

PLATFORMS
  ruby

DEPENDENCIES
  chained!
  cucumber (~> 0.10.2)
  rake (>= 0.8.7)
  rcov (>= 0.9.9)
  redcarpet
  test-unit (>= 2.3)
  yard
